GEM
  remote: https://rubygems.org/
  specs:
    addressable (2.7.0)
      public_suffix (>= 2.0.2, < 5.0)
    declarative (0.0.10)
    declarative-option (0.1.0)
    dotenv (2.7.5)
    faraday (1.0.1)
      multipart-post (>= 1.2, < 3)
    google-api-client (0.40.0)
      addressable (~> 2.5, >= 2.5.1)
      googleauth (~> 0.9)
      httpclient (>= 2.8.1, < 3.0)
      mini_mime (~> 1.0)
      representable (~> 3.0)
      retriable (>= 2.0, < 4.0)
      signet (~> 0.12)
    googleauth (0.12.0)
      faraday (>= 0.17.3, < 2.0)
      jwt (>= 1.4, < 3.0)
      memoist (~> 0.16)
      multi_json (~> 1.11)
      os (>= 0.9, < 2.0)
      signet (~> 0.14)
    haml (5.1.2)
      temple (>= 0.8.0)
      tilt
    httpclient (2.8.3)
    jwt (2.2.1)
    memoist (0.16.2)
    mini_mime (1.0.2)
    multi_json (1.14.1)
    multipart-post (2.1.1)
    os (1.1.0)
    public_suffix (4.0.5)
    representable (3.0.4)
      declarative (< 0.1.0)
      declarative-option (< 0.2.0)
      uber (< 0.2.0)
    retriable (3.1.2)
    signet (0.14.0)
      addressable (~> 2.3)
      faraday (>= 0.17.3, < 2.0)
      jwt (>= 1.5, < 3.0)
      multi_json (~> 1.10)
    slugify (1.0.7)
    temple (0.8.2)
    tilt (2.0.10)
    uber (0.1.0)

PLATFORMS
  ruby

DEPENDENCIES
  dotenv (~> 2.7)
  google-api-client (~> 0.40.0)
  haml
  slugify
  tilt

BUNDLED WITH
   1.17.2
